{
	"Modality": "MR",
	"MagneticFieldStrength": 3,
	"ImagingFrequency": 123.191,
	"Manufacturer": "Siemens",
	"ManufacturersModelName": "Prisma",
	"InstitutionName": "NYU_-_CBI",
	"InstitutionalDepartmentName": "Department",
	"InstitutionAddress": "Washington_Place_6_NYC_NYC_US_10003",
	"DeviceSerialNumber": "166018",
	"StationName": "AWP166018",
	"SeriesInstanceUID": "1.3.12.2.1107.5.2.43.166018.2018082513283487955003117.0.0.0",
	"StudyInstanceUID": "1.3.12.2.1107.5.2.43.166018.30000018082014423463000000073",
	"ReferringPhysicianName": "devinsky",
	"StudyID": "1",
	"PatientID": "bu0day7m",
	"BodyPartExamined": "BRAIN",
	"PatientPosition": "HFS",
	"ProcedureStepDescription": "",
	"SoftwareVersions": "syngo_MR_E11",
	"MRAcquisitionType": "3D",
	"SeriesDescription": "T1_MPRAGE_sag_no_motion",
	"ProtocolName": "T1_MPRAGE_sag_no_motion",
	"ScanningSequence": "GR_IR",
	"SequenceVariant": "SK_SP_MP",
	"ScanOptions": "IR",
	"SequenceName": "_tfl3d1_16ns",
	"ImageType": ["ORIGINAL", "PRIMARY", "M", "ND", "NORM", "FS", "FIL"],
	"SeriesNumber": 2,
	"AcquisitionTime": "13:22:37.662500",
	"AcquisitionDateTime": "2018-08-25T13:22:37.662500",
	"AcquisitionNumber": 1,
	"SliceThickness": 1,
	"SAR": 0.0452586,
	"EchoTime": 0.00299,
	"RepetitionTime": 2.5,
	"InversionTime": 0.9,
	"FlipAngle": 8,
	"PartialFourier": 1,
	"BaseResolution": 256,
	"ShimSetting": [
		263,
		-12617,
		-8496,
		168,
		56,
		83,
		110,
		-23	],
	"TxRefAmp": 261.31,
	"PhaseResolution": 1,
	"ReceiveCoilName": "Head_32",
	"ReceiveCoilActiveElements": "HEA;HEP",
	"PulseSequenceDetails": "%SiemensSeq%_tfl",
	"ConsistencyInfo": "N4_VE11C_LATEST_20160120",
	"PercentPhaseFOV": 100,
	"PhaseEncodingSteps": 255,
	"AcquisitionMatrixPE": 256,
	"ReconMatrixPE": 256,
	"PixelBandwidth": 130,
	"DwellTime": 1.5e-05,
	"ImageOrientationPatientDICOM": [
		0,
		1,
		0,
		0,
		0,
		-1	],
	"InPlanePhaseEncodingDirectionDICOM": "ROW",
	"ConversionSoftware": "dcm2niix",
	"ConversionSoftwareVersion": "v1.0.20181030  (JP2:OpenJPEG) (JP-LS:CharLS) GCC5.4.0"
}
