{
	"Modality": "MR",
	"MagneticFieldStrength": 3,
	"Manufacturer": "Siemens",
	"ManufacturersModelName": "Prisma",
	"InstitutionName": "NYU_-_CBI",
	"InstitutionalDepartmentName": "Department",
	"InstitutionAddress": "Washington_Place_6_NYC_NYC_US_10003",
	"DeviceSerialNumber": "166018",
	"StationName": "AWP166018",
	"SeriesInstanceUID": "1.3.12.2.1107.5.2.43.166018.201808301825402499984000.0.0.0",
	"StudyInstanceUID": "1.3.12.2.1107.5.2.43.166018.30000018082713331611600000052",
	"ReferringPhysicianName": "Devinsky",
	"StudyID": "1",
	"PatientID": "owlhde8m",
	"BodyPartExamined": "BRAIN",
	"PatientPosition": "HFS",
	"ProcedureStepDescription": "",
	"SoftwareVersions": "syngo_MR_E11",
	"MRAcquisitionType": "3D",
	"SeriesDescription": "T1_MPRAGE_sag_motion",
	"ProtocolName": "T1_MPRAGE_sag_motion",
	"ScanningSequence": "GR_IR",
	"SequenceVariant": "SK_SP_MP",
	"ScanOptions": "IR",
	"SequenceName": "_tfl3d1_16ns",
	"ImageType": ["ORIGINAL", "PRIMARY", "M", "ND", "NORM", "FS", "FIL"],
	"SeriesNumber": 6,
	"AcquisitionTime": "18:19:42.772500",
	"AcquisitionDateTime": "2018-08-30T18:19:42.772500",
	"AcquisitionNumber": 1,
	"SliceThickness": 1,
	"SAR": 0.0436812,
	"EchoTime": 0.00299,
	"RepetitionTime": 2.5,
	"InversionTime": 0.9,
	"FlipAngle": 8,
	"PartialFourier": 1,
	"BaseResolution": 256,
	"ShimSetting": [
		256,
		-12610,
		-8500,
		96,
		-9,
		-63,
		181,
		5	],
	"TxRefAmp": 293.082,
	"PhaseResolution": 1,
	"ReceiveCoilName": "Head_32",
	"ReceiveCoilActiveElements": "HEA;HEP",
	"PulseSequenceDetails": "%SiemensSeq%_tfl",
	"ConsistencyInfo": "N4_VE11C_LATEST_20160120",
	"PercentPhaseFOV": 100,
	"PhaseEncodingSteps": 255,
	"AcquisitionMatrixPE": 256,
	"ReconMatrixPE": 256,
	"ParallelReductionFactorInPlane": 2,
	"PixelBandwidth": 130,
	"DwellTime": 1.5e-05,
	"ImageOrientationPatientDICOM": [
		0,
		1,
		0,
		0,
		0,
		-1	],
	"InPlanePhaseEncodingDirectionDICOM": "ROW",
	"ConversionSoftware": "dcm2niix",
	"ConversionSoftwareVersion": "v1.0.20171103 (OpenJPEG build) GCC5.4.0"
}
